PATH
  remote: .
  specs:
    rubypress (1.2.2)
      retryable-rb
      xmlrpc

GEM
  remote: http://rubygems.org/
  specs:
    addressable (2.8.7)
      public_suffix (>= 2.0.2, < 7.0)
    base64 (0.2.0)
    bigdecimal (3.1.9)
    crack (1.0.0)
      bigdecimal
      rexml
    date (3.4.1)
    diff-lcs (1.6.0)
    docile (1.4.1)
    hashdiff (1.1.2)
    psych (5.2.3)
      date
      stringio
    public_suffix (6.0.1)
    rdoc (6.12.0)
      psych (>= 4.0.0)
    retryable-rb (1.1.0)
    rexml (3.4.1)
    rspec (3.13.0)
      rspec-core (~> 3.13.0)
      rspec-expectations (~> 3.13.0)
      rspec-mocks (~> 3.13.0)
    rspec-core (3.13.3)
      rspec-support (~> 3.13.0)
    rspec-expectations (3.13.3)
      diff-lcs (>= 1.2.0, < 2.0)
      rspec-support (~> 3.13.0)
    rspec-mocks (3.13.2)
      diff-lcs (>= 1.2.0, < 2.0)
      rspec-support (~> 3.13.0)
    rspec-support (3.13.2)
    simplecov (0.22.0)
      docile (~> 1.1)
      simplecov-html (~> 0.11)
      simplecov_json_formatter (~> 0.1)
    simplecov-html (0.13.1)
    simplecov_json_formatter (0.1.4)
    stringio (3.1.5)
    vcr (6.3.1)
      base64
    webmock (3.25.0)
      addressable (>= 2.8.0)
      crack (>= 0.3.2)
      hashdiff (>= 0.4.0, < 2.0.0)
    webrick (1.9.1)
    xmlrpc (0.3.3)
      webrick

PLATFORMS
  arm64-darwin-24
  ruby

DEPENDENCIES
  rdoc
  rspec
  rubypress!
  simplecov
  vcr
  webmock

BUNDLED WITH
   2.6.2
